PATH
  remote: .
  specs:
    osx_tools (0.0.1)
      plist

GEM
  remote: http://rubygems.org/
  specs:
    diff-lcs (1.1.2)
    plist (3.1.0)
    rspec (2.5.0)
      rspec-core (~> 2.5.0)
      rspec-expectations (~> 2.5.0)
      rspec-mocks (~> 2.5.0)
    rspec-core (2.5.2)
    rspec-expectations (2.5.0)
      diff-lcs (~> 1.1.2)
    rspec-mocks (2.5.0)

PLATFORMS
  ruby

DEPENDENCIES
  osx_tools!
  rspec (~> 2.5.0)
